GEM
  remote: https://rubygems.org/
  specs:
    builder (3.2.3)
    coveralls (0.8.20)
      json (>= 1.8, < 3)
      simplecov (~> 0.14.1)
      term-ansicolor (~> 1.3)
      thor (~> 0.19.4)
      tins (~> 1.6)
    docile (1.1.5)
    json (2.0.4)
    rspec-core (3.5.4)
      rspec-support (~> 3.5.0)
    rspec-support (3.5.0)
    rspec_junit_formatter (0.2.3)
      builder (< 4)
      rspec-core (>= 2, < 4, != 2.12.0)
    simplecov (0.14.1)
      docile (~> 1.1.0)
      json (>= 1.8, < 3)
      simplecov-html (~> 0.10.0)
    simplecov-html (0.10.0)
    term-ansicolor (1.5.0)
      tins (~> 1.0)
    thor (0.19.4)
    tins (1.13.2)

PLATFORMS
  ruby

DEPENDENCIES
  coveralls
  rspec_junit_formatter (= 0.2.3)

BUNDLED WITH
   1.14.6
